GIT
  remote: git://github.com/yalab/mail.git
  revision: c0cc68ce7f13cce640e2c729e8dfc1f5253660f0
  specs:
    mail (2.4.4)
      i18n (>= 0.4.0)
      mime-types (~> 1.16)
      treetop (~> 1.4.8)

GEM
  remote: https://rubygems.org/
  specs:
    bacon (1.2.0)
    daemons (1.1.9)
    erubis (2.7.0)
    eventmachine (1.0.0)
    i18n (0.6.4)
    liquid (2.4.1)
    mime-types (1.22)
    mysql2 (0.3.11)
    polyglot (0.3.3)
    rack (1.5.1)
    rack-protection (1.3.2)
      rack
    sequel (3.45.0)
    sinatra (1.3.4)
      rack (~> 1.4)
      rack-protection (~> 1.3)
      tilt (~> 1.3, >= 1.3.3)
    sinatra-sequel (0.9.0)
      bacon
      sequel (>= 3.2.0)
      sinatra (>= 0.9.4)
    thin (1.5.0)
      daemons (>= 1.0.9)
      eventmachine (>= 0.12.6)
      rack (>= 1.0.0)
    tilt (1.3.3)
    treetop (1.4.12)
      polyglot
      polyglot (>= 0.3.1)

PLATFORMS
  ruby

DEPENDENCIES
  erubis
  liquid
  mail!
  mysql2
  sequel
  sinatra
  sinatra-sequel
  thin
