GIT
  remote: git://github.com/yalab/mail.git
  revision: 896972544b6dce25807420b671f1a04363bf134e
  specs:
    mail (2.6.0.edge)
      mime-types (~> 1.16)

GEM
  remote: https://rubygems.org/
  specs:
    daemons (1.2.4)
    erubis (2.7.0)
    eventmachine (1.2.3)
    liquid (4.0.0)
    mime-types (1.25.1)
    mustermann (1.0.0)
    mysql2 (0.4.6)
    rack (2.0.3)
    rack-protection (2.0.0)
      rack
    sequel (4.47.0)
    sinatra (2.0.0)
      mustermann (~> 1.0)
      rack (~> 2.0)
      rack-protection (= 2.0.0)
      tilt (~> 2.0)
    sinatra-sequel (0.9.0)
      sequel (>= 3.2.0)
      sinatra (>= 0.9.4)
    thin (1.7.1)
      daemons (~> 1.0, >= 1.0.9)
      eventmachine (~> 1.0, >= 1.0.4)
      rack (>= 1, < 3)
    tilt (2.0.7)

PLATFORMS
  ruby

DEPENDENCIES
  erubis
  liquid
  mail!
  mysql2
  sequel
  sinatra
  sinatra-sequel
  thin

BUNDLED WITH
   2.1.4
