GIT
  remote: git://github.com/yalab/mail.git
  revision: 896972544b6dce25807420b671f1a04363bf134e
  specs:
    mail (2.6.0.edge)
      mime-types (~> 1.16)

GEM
  remote: https://rubygems.org/
  specs:
    daemons (1.1.9)
    erubis (2.7.0)
    eventmachine (1.0.3)
    liquid (2.6.1)
    mime-types (1.25.1)
    mysql2 (0.3.15)
    rack (1.5.2)
    rack-protection (1.5.3)
      rack
    sequel (4.9.0)
    sinatra (1.4.5)
      rack (~> 1.4)
      rack-protection (~> 1.4)
      tilt (~> 1.3, >= 1.3.4)
    sinatra-sequel (0.9.0)
      sequel (>= 3.2.0)
      sinatra (>= 0.9.4)
    thin (1.6.2)
      daemons (>= 1.0.9)
      eventmachine (>= 1.0.0)
      rack (>= 1.0.0)
    tilt (1.4.1)

PLATFORMS
  ruby

DEPENDENCIES
  erubis
  liquid
  mail!
  mysql2
  sequel
  sinatra
  sinatra-sequel
  thin
